GEM
  remote: https://rubygems.org/
  specs:
    iro (0.2.1)
    mustermann (1.1.0)
      ruby2_keywords (~> 0.0.1)
    rack (2.0.8)
    rack-protection (2.0.8.1)
      rack
    ruby2_keywords (0.0.1)
    sinatra (2.0.8.1)
      mustermann (~> 1.0)
      rack (~> 2.0)
      rack-protection (= 2.0.8.1)
      tilt (~> 2.0)
    tilt (2.0.10)

PLATFORMS
  ruby

DEPENDENCIES
  iro
  sinatra

RUBY VERSION
   ruby 2.5.1p57

BUNDLED WITH
   1.16.1
